PATH
  remote: .
  specs:
    rake_docker (0.20.0.pre.pre.4)
      aws-sdk-ecr (~> 1.2)
      colored2 (~> 3.1)
      docker-api (~> 1.34)

GEM
  remote: https://rubygems.org/
  specs:
    activesupport (5.2.1)
      concurrent-ruby (~> 1.0, >= 1.0.2)
      i18n (>= 0.7, < 2)
      minitest (~> 5.1)
      tzinfo (~> 1.1)
    aws-eventstream (1.0.2)
    aws-partitions (1.144.0)
    aws-sdk-core (3.47.0)
      aws-eventstream (~> 1.0, >= 1.0.2)
      aws-partitions (~> 1.0)
      aws-sigv4 (~> 1.1)
      http-2 (~> 0.10)
      jmespath (~> 1.0)
    aws-sdk-ecr (1.12.0)
      aws-sdk-core (~> 3, >= 3.47.0)
      aws-sigv4 (~> 1.1)
    aws-sigv4 (1.1.0)
      aws-eventstream (~> 1.0, >= 1.0.2)
    colored2 (3.1.2)
    concurrent-ruby (1.1.3)
    diff-lcs (1.3)
    docile (1.3.1)
    docker-api (1.34.2)
      excon (>= 0.47.0)
      multi_json
    excon (0.62.0)
    gem-release (2.0.1)
    http-2 (0.10.1)
    i18n (1.1.1)
      concurrent-ruby (~> 1.0)
    jmespath (1.4.0)
    json (2.1.0)
    memfs (1.0.0)
    minitest (5.11.3)
    multi_json (1.13.1)
    rake (12.3.1)
    rspec (3.8.0)
      rspec-core (~> 3.8.0)
      rspec-expectations (~> 3.8.0)
      rspec-mocks (~> 3.8.0)
    rspec-core (3.8.0)
      rspec-support (~> 3.8.0)
    rspec-expectations (3.8.2)
      diff-lcs (>= 1.2.0, < 2.0)
      rspec-support (~> 3.8.0)
    rspec-mocks (3.8.0)
      diff-lcs (>= 1.2.0, < 2.0)
      rspec-support (~> 3.8.0)
    rspec-support (3.8.0)
    simplecov (0.16.1)
      docile (~> 1.1)
      json (>= 1.8, < 3)
      simplecov-html (~> 0.10.0)
    simplecov-html (0.10.2)
    thread_safe (0.3.6)
    tzinfo (1.2.5)
      thread_safe (~> 0.1)

PLATFORMS
  ruby

DEPENDENCIES
  activesupport (~> 5.2)
  bundler (~> 1.16)
  gem-release (~> 2.0)
  memfs (~> 1.0)
  rake (~> 12.3)
  rake_docker!
  rspec (~> 3.8)
  simplecov (~> 0.16)

BUNDLED WITH
   1.17.3
