PATH
  remote: .
  specs:
    rake_docker (2.22.0.pre.3)
      aws-sdk-ecr (~> 1.2)
      colored2 (~> 3.1)
      docker-api (>= 2.3, < 3.0)
      rake_factory (~> 0.33)

GEM
  remote: https://rubygems.org/
  specs:
    activesupport (7.2.2.1)
      base64
      benchmark (>= 0.3)
      bigdecimal
      concurrent-ruby (~> 1.0, >= 1.3.1)
      connection_pool (>= 2.2.5)
      drb
      i18n (>= 1.6, < 2)
      logger (>= 1.4.2)
      minitest (>= 5.1)
      securerandom (>= 0.3)
      tzinfo (~> 2.0, >= 2.0.5)
    addressable (2.8.7)
      public_suffix (>= 2.0.2, < 7.0)
    ast (2.4.3)
    aws-eventstream (1.3.2)
    aws-partitions (1.1103.0)
    aws-sdk-core (3.224.0)
      aws-eventstream (~> 1, >= 1.3.0)
      aws-partitions (~> 1, >= 1.992.0)
      aws-sigv4 (~> 1.9)
      base64
      jmespath (~> 1, >= 1.6.1)
      logger
    aws-sdk-ecr (1.102.0)
      aws-sdk-core (~> 3, >= 3.216.0)
      aws-sigv4 (~> 1.5)
    aws-sigv4 (1.11.0)
      aws-eventstream (~> 1, >= 1.0.2)
    base64 (0.2.0)
    benchmark (0.4.0)
    bigdecimal (3.1.8)
    childprocess (5.0.0)
    colored2 (3.1.2)
    concurrent-ruby (1.3.4)
    connection_pool (2.4.1)
    diff-lcs (1.6.2)
    docile (1.4.1)
    docker-api (2.4.0)
      excon (>= 0.64.0)
      multi_json
    drb (2.2.1)
    excon (0.112.0)
    faraday (2.10.0)
      faraday-net_http (>= 2.0, < 3.2)
      logger
    faraday-net_http (3.1.1)
      net-http
    gem-release (2.2.4)
    git (1.19.1)
      addressable (~> 2.8)
      rchardet (~> 1.8)
    hamster (3.0.0)
      concurrent-ruby (~> 1.0)
    i18n (1.14.6)
      concurrent-ruby (~> 1.0)
    immutable-struct (2.4.1)
    jmespath (1.6.2)
    json (2.12.2)
    language_server-protocol (3.17.0.5)
    lino (4.1.0)
      childprocess (~> 5.0.0)
      hamster (~> 3.0)
      open4 (~> 1.3)
    lint_roller (1.1.0)
    logger (1.7.0)
    memfs (1.0.0)
    minitest (5.25.4)
    multi_json (1.15.0)
    net-http (0.4.1)
      uri
    octokit (8.1.0)
      base64
      faraday (>= 1, < 3)
      sawyer (~> 0.9)
    open4 (1.3.4)
    parallel (1.27.0)
    parser (3.3.8.0)
      ast (~> 2.4.1)
      racc
    prism (1.4.0)
    public_suffix (6.0.1)
    racc (1.8.1)
    rainbow (3.1.1)
    rake (13.2.1)
    rake_circle_ci (0.13.0)
      colored2 (~> 3.1)
      excon (~> 0.72)
      rake_factory (~> 0.33)
      sshkey (~> 2.0)
    rake_factory (0.33.0)
      activesupport (>= 4)
      rake (~> 13.0)
    rake_git (0.2.0)
      colored2 (~> 3.1)
      git (~> 1.13, >= 1.13.2)
      rake_factory (~> 0.33)
    rake_git_crypt (0.2.0)
      colored2 (~> 3.1)
      rake_factory (~> 0.33)
      ruby_git_crypt (~> 0.1)
      ruby_gpg2 (~> 0.12)
    rake_github (0.15.0)
      colored2 (~> 3.1)
      octokit (>= 4.16, < 9.0)
      rake_factory (~> 0.33)
      sshkey (~> 2.0)
    rake_gpg (0.20.0)
      rake_factory (~> 0.33)
      ruby_gpg2 (~> 0.12)
    rake_ssh (0.12.0)
      colored2 (~> 3.1)
      rake_factory (~> 0.33)
      sshkey (~> 2.0)
    rchardet (1.8.0)
    regexp_parser (2.10.0)
    rspec (3.13.1)
      rspec-core (~> 3.13.0)
      rspec-expectations (~> 3.13.0)
      rspec-mocks (~> 3.13.0)
    rspec-core (3.13.4)
      rspec-support (~> 3.13.0)
    rspec-expectations (3.13.5)
      diff-lcs (>= 1.2.0, < 2.0)
      rspec-support (~> 3.13.0)
    rspec-mocks (3.13.5)
      diff-lcs (>= 1.2.0, < 2.0)
      rspec-support (~> 3.13.0)
    rspec-support (3.13.4)
    rubocop (1.75.8)
      json (~> 2.3)
      language_server-protocol (~> 3.17.0.2)
      lint_roller (~> 1.1.0)
      parallel (~> 1.10)
      parser (>= 3.3.0.2)
      rainbow (>= 2.2.2, < 4.0)
      regexp_parser (>= 2.9.3, < 3.0)
      rubocop-ast (>= 1.44.0, < 2.0)
      ruby-progressbar (~> 1.7)
      unicode-display_width (>= 2.4.0, < 4.0)
    rubocop-ast (1.44.1)
      parser (>= 3.3.7.2)
      prism (~> 1.4)
    rubocop-rake (0.7.1)
      lint_roller (~> 1.1)
      rubocop (>= 1.72.1)
    rubocop-rspec (3.6.0)
      lint_roller (~> 1.1)
      rubocop (~> 1.72, >= 1.72.1)
    ruby-progressbar (1.13.0)
    ruby_git_crypt (0.1.0)
      immutable-struct (~> 2.4)
      lino (>= 4.1)
    ruby_gpg2 (0.12.0)
      lino (>= 4.1)
    sawyer (0.9.2)
      addressable (>= 2.3.5)
      faraday (>= 0.17.3, < 3)
    securerandom (0.4.0)
    simplecov (0.22.0)
      docile (~> 1.1)
      simplecov-html (~> 0.11)
      simplecov_json_formatter (~> 0.1)
    simplecov-html (0.12.3)
    simplecov_json_formatter (0.1.4)
    sshkey (2.0.0)
    tzinfo (2.0.6)
      concurrent-ruby (~> 1.0)
    unicode-display_width (3.1.4)
      unicode-emoji (~> 4.0, >= 4.0.4)
    unicode-emoji (4.0.4)
    uri (0.13.2)

PLATFORMS
  ruby

DEPENDENCIES
  activesupport
  bundler
  gem-release
  memfs
  rake
  rake_circle_ci
  rake_docker!
  rake_git
  rake_git_crypt
  rake_github
  rake_gpg
  rake_ssh
  rspec
  rubocop
  rubocop-rake
  rubocop-rspec
  simplecov

BUNDLED WITH
   2.5.15
